GEM
  remote: https://rubygems.org/
  specs:
    sequel (4.29.0)
    slack-notifier (1.5.1)

PLATFORMS
  ruby

DEPENDENCIES
  sequel
  slack-notifier

BUNDLED WITH
   1.10.6
