GEM
  remote: https://rubygems.org/
  specs:
    coderay (1.1.0)
    method_source (0.8.2)
    pry (0.10.1)
      coderay (~> 1.1.0)
      method_source (~> 0.8.1)
      slop (~> 3.4)
    sequel (4.29.0)
    slack-notifier (1.5.1)
    slop (3.6.0)

PLATFORMS
  ruby

DEPENDENCIES
  pry
  sequel
  slack-notifier

BUNDLED WITH
   1.10.6
